GEM
  remote: https://rubygems.org/
  specs:
    faraday (0.12.1)
      multipart-post (>= 1.2, < 3)
    jwt (1.5.6)
    libxml-ruby (3.0.0)
    multipart-post (2.0.0)
    mustermann (1.1.1)
      ruby2_keywords (~> 0.0.1)
    rack (2.2.3)
    rack-protection (2.0.8.1)
      rack
    ruby2_keywords (0.0.2)
    sinatra (2.0.8.1)
      mustermann (~> 1.0)
      rack (~> 2.0)
      rack-protection (= 2.0.8.1)
      tilt (~> 2.0)
    tilt (2.0.10)
    twilio-ruby (5.0.0)
      faraday (~> 0.9)
      jwt (~> 1.5)
      libxml-ruby (= 3.0.0)

PLATFORMS
  ruby

DEPENDENCIES
  sinatra (>= 2.0.0)
  twilio-ruby

RUBY VERSION
   ruby 2.4.1p111

BUNDLED WITH
   1.17.3
